GEM
  remote: https://rubygems.org/
  specs:
    chunky_png (1.2.8)
    classifier (1.3.3)
      fast-stemmer (>= 1.0.0)
    coderay (1.0.9)
    coffee-script (2.2.0)
      coffee-script-source
      execjs
    coffee-script-source (1.6.2)
    colorator (0.1)
    commander (4.1.3)
      highline (~> 1.6.11)
    commonjs (0.2.6)
    compass (0.12.2)
      chunky_png (~> 1.2)
      fssm (>= 0.2.7)
      sass (~> 3.1)
    directory_watcher (1.4.1)
    em-websocket (0.5.0)
      eventmachine (>= 0.12.9)
      http_parser.rb (~> 0.5.3)
    eventmachine (1.0.3)
    execjs (1.4.0)
      multi_json (~> 1.0)
    fast-stemmer (1.0.2)
    ffi (1.0.11)
    formatador (0.2.4)
    fssm (0.2.10)
    guard (1.7.0)
      formatador (>= 0.2.4)
      listen (>= 0.6.0)
      lumberjack (>= 1.0.2)
      pry (>= 0.9.10)
      thor (>= 0.14.6)
    guard-coffeescript (1.3.2)
      coffee-script (>= 2.2.0)
      guard (>= 1.1.0)
    guard-compass (0.0.6)
      compass (>= 0.10.5)
      guard (>= 0.2.1)
    guard-concat (0.0.3)
      guard (>= 1.1.0)
    guard-less (0.1.2)
      guard (>= 0.2.2)
      less (~> 2.1.0)
    guard-livereload (1.1.3)
      em-websocket (>= 0.2.0)
      guard (>= 1.5.0)
      multi_json (~> 1.0)
    guard-process (1.0.5)
      ffi (~> 1.0.9)
      guard (>= 0.4.2)
      spoon (~> 0.0.1)
    guard-sass (1.2.0)
      guard (>= 1.1.0)
      sass (>= 3.1)
    guard-uglify (0.1.0)
      guard (>= 0.2.2)
      uglifier
    highline (1.6.19)
    http_parser.rb (0.5.3)
    jekyll (1.0.0.rc1)
      classifier (~> 1.3)
      colorator (~> 0.1)
      commander (~> 4.1.3)
      directory_watcher (~> 1.4.1)
      kramdown (~> 0.14)
      liquid (~> 2.3)
      maruku (~> 0.5)
      pygments.rb (~> 0.4.2)
      safe_yaml (~> 0.7.0)
    kramdown (0.14.2)
    less (2.1.0)
      commonjs (~> 0.2.0)
      therubyracer (~> 0.10.0)
    libv8 (3.3.10.4)
    liquid (2.5.0)
    listen (1.1.4)
      rb-fsevent (>= 0.9.3)
      rb-inotify (>= 0.9)
      rb-kqueue (>= 0.2)
    lumberjack (1.0.3)
    maruku (0.6.1)
      syntax (>= 1.0.0)
    method_source (0.8.1)
    multi_json (1.7.4)
    posix-spawn (0.3.6)
    pry (0.9.12.2)
      coderay (~> 1.0.5)
      method_source (~> 0.8)
      slop (~> 3.4)
    pygments.rb (0.4.2)
      posix-spawn (~> 0.3.6)
      yajl-ruby (~> 1.1.0)
    rb-fsevent (0.9.3)
    rb-inotify (0.9.0)
      ffi (>= 0.5.0)
    rb-kqueue (0.2.0)
      ffi (>= 0.5.0)
    safe_yaml (0.7.1)
    sass (3.2.9)
    slop (3.4.5)
    spoon (0.0.4)
      ffi
    syntax (1.0.0)
    therubyracer (0.10.2)
      libv8 (~> 3.3.10)
    thor (0.18.1)
    uglifier (2.1.1)
      execjs (>= 0.3.0)
      multi_json (~> 1.0, >= 1.0.2)
    yajl-ruby (1.1.0)

PLATFORMS
  ruby

DEPENDENCIES
  classifier (~> 1.3)
  compass (= 0.12.2)
  directory_watcher (~> 1.4.1)
  guard (= 1.7.0)
  guard-coffeescript
  guard-compass (= 0.0.6)
  guard-concat
  guard-less
  guard-livereload (= 1.1.3)
  guard-process (= 1.0.5)
  guard-sass
  guard-uglify
  jekyll (= 1.0.0.rc1)
  liquid (= 2.5.0)
  maruku (= 0.6.1)
  rb-fsevent (= 0.9.3)
